GEM
  remote: http://rubygems.org/
  specs:
    amalgalite (1.0.0)
      arrayfields (~> 4.7.4)
      fastercsv (~> 1.5.4)
    arrayfields (4.7.4)
    fastercsv (1.5.4)
    haml (3.0.25)
    rack (1.2.1)
    sequel (3.19.0)
    sinatra (1.1.2)
      rack (~> 1.1)
      tilt (~> 1.2)
    tilt (1.2.2)

PLATFORMS
  ruby

DEPENDENCIES
  amalgalite
  haml
  sequel
  sinatra
